{
	"Modality": "MR",
	"MagneticFieldStrength": 3,
	"ImagingFrequency": 127.728,
	"Manufacturer": "GE",
	"ManufacturersModelName": "DISCOVERY_MR750",
	"BodyPartExamined": "HEAD",
	"PatientPosition": "HFS",
	"ProcedureStepDescription": "testing",
	"SoftwareVersions": "27_LX_MR_Software_release:DV26.0_R01_1725.a",
	"MRAcquisitionType": "3D",
	"SeriesDescription": "Sag_CUBE_T2_1.0",
	"ProtocolName": "Sag_CUBE_T2_1.0",
	"ScanningSequence": "RM",
	"SequenceVariant": "NONE",
	"ScanOptions": "EDR_GEMS_ACC_GEMS_FR_GEMS",
	"ImageType": ["ORIGINAL", "PRIMARY", "OTHER"],
	"SliceThickness": 1,
	"SpacingBetweenSlices": 1,
	"SAR": 0.2956,
	"EchoTime": 0.076289,
	"RepetitionTime": 2.502,
	"FlipAngle": 90,
	"CoilString": "32Ch_Head",
	"PercentPhaseFOV": 100,
	"EchoTrainLength": 100,
	"AcquisitionMatrixPE": 256,
	"ReconMatrixPE": 256,
	"PixelBandwidth": 488.281,
	"ImageOrientationPatientDICOM": [
		-0,
		1,
		0,
		-0,
		-0,
		-1	],
	"InPlanePhaseEncodingDirectionDICOM": "ROW",
	"ConversionSoftware": "dcm2niix",
	"ConversionSoftwareVersion": "v1.0.20190902"
}
