{
	"Modality": "MR",
	"MagneticFieldStrength": 3,
	"ImagingFrequency": 127.728,
	"Manufacturer": "GE",
	"ManufacturersModelName": "DISCOVERY_MR750",
	"BodyPartExamined": "HEAD",
	"PatientPosition": "HFS",
	"ProcedureStepDescription": "testing",
	"SoftwareVersions": "27_LX_MR_Software_release:DV26.0_R01_1725.a",
	"MRAcquisitionType": "3D",
	"SeriesDescription": "Sag_IR_FSPGR_1.0",
	"ProtocolName": "Sag_IR_FSPGR_1.0",
	"ScanningSequence": "GR",
	"SequenceVariant": "SS_SP_SK",
	"ScanOptions": "FAST_GEMS_EDR_GEMS_ACC_GEMS_IR_GEMS",
	"ImageType": ["ORIGINAL", "PRIMARY", "OTHER"],
	"SliceThickness": 1,
	"SpacingBetweenSlices": 1,
	"SAR": 0.219296,
	"EchoTime": 0.00294,
	"RepetitionTime": 0.00668,
	"InversionTime": 0.4,
	"FlipAngle": 11,
	"CoilString": "32Ch_Head",
	"PercentPhaseFOV": 100,
	"AcquisitionMatrixPE": 256,
	"ReconMatrixPE": 256,
	"PixelBandwidth": 244.141,
	"ImageOrientationPatientDICOM": [
		-0,
		1,
		0,
		-0,
		-0,
		-1	],
	"InPlanePhaseEncodingDirectionDICOM": "ROW",
	"ConversionSoftware": "dcm2niix",
	"ConversionSoftwareVersion": "v1.0.20190902"
}
